GEM
  remote: https://rubygems.org/
  specs:
    kgio (2.9.2)
    rack (3.0.8)
    raindrops (0.13.0)
    unicorn (4.8.3)
      kgio (~> 2.6)
      rack
      raindrops (~> 0.7)

PLATFORMS
  ruby

DEPENDENCIES
  rack (>= 3.0.6.1)
  unicorn

RUBY VERSION
   ruby 3.1.2p20

BUNDLED WITH
   2.3.21
