GEM
  remote: https://rubygems.org/
  specs:
    kgio (2.9.2)
    rack (2.2.4)
    raindrops (0.13.0)
    unicorn (4.8.3)
      kgio (~> 2.6)
      rack
      raindrops (~> 0.7)

PLATFORMS
  ruby

DEPENDENCIES
  rack (>= 2.2.3)
  unicorn

RUBY VERSION
   ruby 2.6.6p146

BUNDLED WITH
   1.17.3
