GEM
  remote: https://rubygems.org/
  specs:
    kgio (2.9.2)
    rack (1.5.2)
    raindrops (0.13.0)
    unicorn (4.8.3)
      kgio (~> 2.6)
      rack
      raindrops (~> 0.7)

PLATFORMS
  ruby

DEPENDENCIES
  rack
  unicorn

RUBY VERSION
   ruby 2.6.3p62

BUNDLED WITH
   1.17.2
